GEM
  remote: http://rubygems.org/
  specs:
    actionmailer (2.3.7)
      actionpack (= 2.3.7)
    actionpack (2.3.7)
      activesupport (= 2.3.7)
      rack (~> 1.1.0)
    activerecord (2.3.7)
      activesupport (= 2.3.7)
    activeresource (2.3.7)
      activesupport (= 2.3.7)
    activesupport (2.3.7)
    addressable (2.2.6)
    bluecloth (2.1.0)
    capistrano (2.8.0)
      highline
      net-scp (>= 1.0.0)
      net-sftp (>= 2.0.0)
      net-ssh (>= 2.0.14)
      net-ssh-gateway (>= 1.1.0)
    daemons (1.1.4)
    em-hiredis (0.1.0)
      hiredis (~> 0.3.0)
    em-http-request (0.3.0)
      addressable (>= 2.0.0)
      escape_utils
      eventmachine (>= 0.12.9)
    erubis (2.7.0)
    escape_utils (0.2.3)
    eventmachine (0.12.10)
    ezprint (0.3.1)
      pdfkit (~> 0.5.0)
    fastercsv (1.5.4)
    faye (0.6.3)
      em-hiredis (>= 0.0.1)
      em-http-request (>= 0.2)
      eventmachine (~> 0.12.0)
      json (>= 1.0)
      rack (>= 1.0)
      thin (~> 1.2)
    formtastic (1.2.4)
      actionpack (>= 2.3.7)
      activesupport (>= 2.3.7)
      i18n (~> 0.4)
    haml (3.1.2)
    highline (1.6.2)
    hiredis (0.3.2)
    i18n (0.6.0)
    json (1.5.3)
    liquid (2.2.2)
    mail (2.3.0)
      i18n (>= 0.4.0)
      mime-types (~> 1.16)
      treetop (~> 1.4.8)
    mailcatcher (0.2.4)
      eventmachine
      haml
      i18n
      json
      mail
      sinatra
      skinny (>= 0.1.2)
      sqlite3-ruby
      thin
    memcache-client (1.8.5)
    mime-types (1.16)
    net-scp (1.0.4)
      net-ssh (>= 1.99.1)
    net-sftp (2.0.5)
      net-ssh (>= 2.0.9)
    net-ssh (2.1.4)
    net-ssh-gateway (1.1.0)
      net-ssh (>= 1.99.1)
    nokogiri (1.5.0)
    pdfkit (0.5.2)
    polyglot (0.3.2)
    rack (1.1.2)
    rails (2.3.7)
      actionmailer (= 2.3.7)
      actionpack (= 2.3.7)
      activerecord (= 2.3.7)
      activeresource (= 2.3.7)
      activesupport (= 2.3.7)
      rake (>= 0.8.3)
    rake (0.9.2)
    rubyzip (0.9.4)
    sinatra (1.2.6)
      rack (~> 1.1)
      tilt (>= 1.2.2, < 2.0)
    skinny (0.1.2)
      eventmachine
      thin
    sqlite3 (1.3.4)
    sqlite3-ruby (1.3.3)
      sqlite3 (>= 1.3.3)
    state_machine (1.0.1)
    surveyor (0.19.2)
      fastercsv
      formtastic
      haml
    thin (1.2.11)
      daemons (>= 1.0.9)
      eventmachine (>= 0.12.6)
      rack (>= 1.0.0)
    tilt (1.3.2)
    treetop (1.4.10)
      polyglot
      polyglot (>= 0.3.1)
    wkhtmltopdf-binary (0.9.5.3)

PLATFORMS
  ruby

DEPENDENCIES
  bluecloth
  capistrano
  daemons
  erubis (>= 2.6.5)
  eventmachine
  ezprint
  faye
  liquid
  mailcatcher
  memcache-client
  nokogiri
  rails (= 2.3.7)
  rubyzip
  state_machine
  surveyor (= 0.19.2)
  wkhtmltopdf-binary
